GEM
  remote: http://rubygems.org/
  specs:
    colorize (0.7.5)
    mini_portile (0.6.2)
    nokogiri (1.6.6.2)
      mini_portile (~> 0.6.0)
    redcarpet (3.2.2)

PLATFORMS
  ruby

DEPENDENCIES
  colorize
  nokogiri
  redcarpet
