GEM
  remote: http://rubygems.org/
  specs:
    aws-sdk (2.0.31)
      aws-sdk-resources (= 2.0.31)
    aws-sdk-core (2.0.31)
      builder (~> 3.0)
      jmespath (~> 1.0)
      multi_json (~> 1.0)
      multi_xml (~> 0.5)
    aws-sdk-resources (2.0.31)
      aws-sdk-core (= 2.0.31)
    builder (3.2.2)
    colorize (0.7.5)
    dotenv (2.0.0)
    jmespath (1.0.2)
      multi_json (~> 1.0)
    mini_portile (0.6.2)
    multi_json (1.11.0)
    multi_xml (0.5.5)
    nokogiri (1.6.6.2)
      mini_portile (~> 0.6.0)
    redcarpet (3.2.2)

PLATFORMS
  ruby

DEPENDENCIES
  aws-sdk (~> 2)
  colorize
  dotenv
  nokogiri
  redcarpet
